GEM
  remote: https://rubygems.org/
  specs:
    activemodel (3.2.13)
      activesupport (= 3.2.13)
      builder (~> 3.0.0)
    activesupport (3.2.13)
      i18n (= 0.6.1)
      multi_json (~> 1.0)
    addressable (2.3.3)
    bond (0.4.3)
    bson (1.8.4)
    bson_ext (1.8.4)
      bson (~> 1.8.4)
    builder (3.0.4)
    coderay (1.0.9)
    cookiejar (0.3.0)
    daemons (1.1.9)
    em-http-request (1.0.3)
      addressable (>= 2.2.3)
      cookiejar
      em-socksify
      eventmachine (>= 1.0.0.beta.4)
      http_parser.rb (>= 0.5.3)
    em-socksify (0.2.1)
      eventmachine (>= 1.0.0.beta.4)
    em-twitter (0.2.1)
      eventmachine (~> 1.0)
      http_parser.rb (~> 0.5)
      simple_oauth (~> 0.1)
    ethon (0.5.10)
      ffi (~> 1.3.0)
      mime-types (~> 1.18)
    eventmachine (1.0.1)
    faraday (0.8.6)
      multipart-post (~> 1.1)
    ffi (1.3.1)
    hashie (1.2.0)
    http_parser.rb (0.5.3)
    i18n (0.6.1)
    json (1.7.7)
    method_source (0.8.1)
    mime-types (1.22)
    mongo (1.8.4)
      bson (~> 1.8.4)
    mongo_mapper (0.12.0)
      activemodel (~> 3.0)
      activesupport (~> 3.0)
      plucky (~> 0.5.2)
    multi_json (1.7.2)
    multipart-post (1.2.0)
    oauth (0.4.7)
    oii_twitter_goodies (0.0.81)
    plucky (0.5.2)
      mongo (~> 1.5)
    pry (0.9.12)
      coderay (~> 1.0.5)
      method_source (~> 0.8)
      slop (~> 3.4)
    rack (1.5.2)
    rack-protection (1.5.0)
      rack
    rack-test (0.6.2)
      rack (>= 1.0)
    rake (10.0.4)
    ripl (0.7.0)
      bond (~> 0.4.2)
    ripl-multi_line (0.3.0)
      ripl (>= 0.3.6)
    ripl-rack (0.2.0)
      rack (>= 1.0)
      rack-test (>= 0.5)
      ripl (>= 0.3.5)
    simple_oauth (0.2.0)
    sinatra (1.3.4)
      rack (~> 1.4)
      rack-protection (~> 1.3)
      tilt (~> 1.3, >= 1.3.3)
    sinatra-flash (0.3.0)
      sinatra (>= 1.0.0)
    sinatra-mongomapper (1.0.2)
      mongo_mapper
      sinatra
    sinatra-twitter-oauth (0.0.3)
    slop (3.4.4)
    tilt (1.3.4)
    tux (0.3.0)
      ripl (>= 0.3.5)
      ripl-multi_line (>= 0.2.4)
      ripl-rack (>= 0.2.0)
      sinatra (>= 1.2.1)
    tweetstream (2.5.0)
      daemons (~> 1.1)
      em-http-request (~> 1.0.2)
      em-twitter (~> 0.2)
      twitter (~> 4.5)
      yajl-ruby (~> 1.1)
    twitter (4.5.0)
      faraday (~> 0.8, < 0.10)
      multi_json (~> 1.0)
      simple_oauth (~> 0.2)
    twitter_oauth (0.4.4)
      json (>= 1.1.9)
      mime-types (>= 1.16)
      oauth (>= 0.4.1)
    typhoeus (0.6.2)
      ethon (~> 0.5.10)
    yajl-ruby (1.1.0)

PLATFORMS
  ruby

DEPENDENCIES
  bson_ext
  hashie (= 1.2)
  json
  oauth
  oii_twitter_goodies (= 0.0.81)
  pry
  rake
  sinatra
  sinatra-flash
  sinatra-mongomapper
  sinatra-twitter-oauth
  tux
  tweetstream
  twitter
  twitter_oauth
  typhoeus
